GEM
  remote: https://rubygems.org/
  specs:
    addressable (2.3.8)
    backports (3.6.8)
    faraday (0.9.2)
      multipart-post (>= 1.2, < 3)
    multi_json (1.12.1)
    multipart-post (2.0.0)
    ohanakapa (1.1.2)
      sawyer (~> 0.5.3)
    rack (1.6.5)
    rack-protection (1.5.3)
      rack
    rack-ssl-enforcer (0.2.9)
    rack-test (0.6.3)
      rack (>= 1.0)
    sawyer (0.5.5)
      addressable (~> 2.3.5)
      faraday (~> 0.8, < 0.10)
    sinatra (1.4.7)
      rack (~> 1.5)
      rack-protection (~> 1.4)
      tilt (>= 1.3, < 3)
    sinatra-contrib (1.4.7)
      backports (>= 2.0)
      multi_json
      rack-protection
      rack-test
      sinatra (~> 1.4.0)
      tilt (>= 1.3, < 3)
    tilt (2.0.5)

PLATFORMS
  ruby

DEPENDENCIES
  ohanakapa (~> 1.1.1)
  rack-ssl-enforcer
  sinatra
  sinatra-contrib

BUNDLED WITH
   1.13.7
